GEM
  remote: http://rubygems.org/
  specs:
    arduino_firmata (0.2.2)
      args_parser (>= 0.1.2)
      event_emitter (>= 0.2.2)
      serialport (>= 1.1.0)
    args_parser (0.1.3)
    event_emitter (0.2.2)
    faraday (0.8.4)
      multipart-post (~> 1.1)
    hashie (1.2.0)
    json (1.7.6)
    multi_json (1.5.0)
    multipart-post (1.1.5)
    oauth (0.4.7)
    parallel (0.6.1)
    rainbow (1.1.4)
    serialport (1.1.0)
    simple_oauth (0.2.0)
    tw (0.3.8)
      args_parser (>= 0.1.2)
      json (>= 1.7.0)
      parallel (>= 0.6.0)
      rainbow (>= 1.1.4)
      twitter (>= 4.4.0)
      userstream (>= 1.2.0)
    twitter (4.4.4)
      faraday (~> 0.8, < 0.10)
      multi_json (~> 1.0)
      simple_oauth (~> 0.2)
    userstream (1.2.3)
      hashie (~> 1.2.0)
      oauth (~> 0.4.7)

PLATFORMS
  ruby

DEPENDENCIES
  arduino_firmata
  args_parser
  json
  tw
